GEM
  remote: https://rubygems.org/
  remote: https://gem.fury.io/flowbyte/
  specs:
    flowbyte-private (1.0.0)
    rake (12.3.3)

PLATFORMS
  ruby

DEPENDENCIES
  flowbyte-private
  rake

BUNDLED WITH
   1.16.1
